GEM
  remote: https://rubygems.org/
  specs:
    addressable (2.7.0)
      public_suffix (>= 2.0.2, < 5.0)
    coderay (1.1.3)
    launchy (2.5.0)
      addressable (~> 2.7)
    method_source (1.0.0)
    nokogiri (1.11.1-x64-mingw32)
      racc (~> 1.4)
    pry (0.14.0)
      coderay (~> 1.1)
      method_source (~> 1.0)
    public_suffix (4.0.6)
    racc (1.5.2)
    rake (13.0.3)
    require_all (3.0.0)

PLATFORMS
  x64-mingw32

DEPENDENCIES
  launchy (~> 2.4, >= 2.4.3)
  nokogiri
  pry
  rake
  require_all

BUNDLED WITH
   2.2.13
